GIT
  remote: git://github.com/ncbo/resource_index.git
  revision: 87f34062d236c87ea4ba7e0035a1e0726ac83abb
  specs:
    ncbo_resource_index (0.0.1)
      elasticsearch (= 2.0.0)
      mysql2
      pony
      ref
      ruby-xxHash
      sequel
      typhoeus

GIT
  remote: git://github.com/ncbo/sparql-client.git
  revision: 135974d6ae369186f1fc9bdeed018e734a6d40b2
  branch: master
  specs:
    sparql-client (1.0.4.1)
      json_pure (>= 1.4)
      net-http-persistent (= 2.9.4)
      rdf (>= 1.0)

GIT
  remote: git://github.com/sifrproject/goo.git
  revision: cb0e3c8f8059d549338a55f6c9ee640918f9e32c
  branch: sifr
  specs:
    goo (0.0.2)
      addressable (= 2.3.5)
      pry
      rdf (= 1.0.8)
      redis
      rest-client
      rsolr
      sparql-client
      systemu
      uuid

GIT
  remote: git://github.com/sifrproject/ontologies_linked_data.git
  revision: fa01bb4388d367f124460b2a71797f40fba0d5a2
  branch: sifr
  specs:
    ontologies_linked_data (0.0.1)
      activesupport
      bcrypt
      goo
      json
      libxml-ruby
      multi_json
      ncbo_resource_index
      oj
      omni_logger
      pony
      rack
      rack-test
      rsolr
      rubyzip

GEM
  remote: https://rubygems.org/
  specs:
    activesupport (4.0.13)
      i18n (~> 0.6, >= 0.6.9)
      minitest (~> 4.2)
      multi_json (~> 1.3)
      thread_safe (~> 0.1)
      tzinfo (~> 0.3.37)
    addressable (2.3.5)
    bcrypt (3.1.11)
    builder (3.2.3)
    coderay (1.1.1)
    cube-ruby (0.0.3)
    domain_name (0.5.20170404)
      unf (>= 0.0.5, < 1.0.0)
    elasticsearch (2.0.0)
      elasticsearch-api (= 2.0.0)
      elasticsearch-transport (= 2.0.0)
    elasticsearch-api (2.0.0)
      multi_json
    elasticsearch-transport (2.0.0)
      faraday
      multi_json
    ethon (0.10.1)
      ffi (>= 1.3.0)
    faraday (0.12.1)
      multipart-post (>= 1.2, < 3)
    ffi (1.9.18)
    http-cookie (1.0.3)
      domain_name (~> 0.5)
    i18n (0.8.4)
    json (2.1.0)
    json_pure (2.1.0)
    libxml-ruby (3.0.0)
    logger (1.2.8)
    macaddr (1.7.1)
      systemu (~> 2.6.2)
    mail (2.6.5)
      mime-types (>= 1.16, < 4)
    method_source (0.8.2)
    mime-types (3.1)
      mime-types-data (~> 3.2015)
    mime-types-data (3.2016.0521)
    minitest (4.7.5)
    multi_json (1.12.1)
    multipart-post (2.0.0)
    mysql2 (0.4.6)
    net-http-persistent (2.9.4)
    netrc (0.11.0)
    oj (3.2.0)
    omni_logger (0.1.4)
      logger
    pony (1.11)
      mail (>= 2.0)
    pry (0.10.4)
      coderay (~> 1.1.0)
      method_source (~> 0.8.1)
      slop (~> 3.4)
    rack (2.0.3)
    rack-test (0.6.3)
      rack (>= 1.0)
    rake (10.5.0)
    rdf (1.0.8)
      addressable (>= 2.2)
    redis (3.3.3)
    ref (2.0.0)
    rest-client (2.0.2)
      http-cookie (>= 1.0.2, < 2.0)
      mime-types (>= 1.16, < 4.0)
      netrc (~> 0.8)
    rsolr (2.0.2)
      builder (>= 2.1.2)
      faraday
    ruby-xxHash (0.4.0.1)
    rubyzip (1.2.1)
    sequel (4.46.0)
    slop (3.6.0)
    systemu (2.6.5)
    thread_safe (0.3.6)
    typhoeus (1.1.2)
      ethon (>= 0.9.0)
    tzinfo (0.3.53)
    unf (0.1.4)
      unf_ext
    unf_ext (0.0.7.4)
    uuid (2.3.8)
      macaddr (~> 1.0)

PLATFORMS
  ruby

DEPENDENCIES
  cube-ruby
  goo!
  minitest (~> 4.0)
  ncbo_resource_index!
  ontologies_linked_data!
  pry
  rake (~> 10.0)
  redis (~> 3.0)
  ruby-xxHash
  sparql-client!

BUNDLED WITH
   1.14.6
